GEM
  specs:
    json (1.8.1)

PLATFORMS
  ruby

DEPENDENCIES
  json
